PATH
  remote: .
  specs:
    fake-file (0.1.0)
      prawn-html

GEM
  remote: https://rubygems.org/
  specs:
    ansi (1.5.0)
    ast (2.4.2)
    diff-lcs (1.5.0)
    oga (3.3)
      ast
      ruby-ll (~> 2.1)
    pdf-core (0.9.0)
    prawn (2.4.0)
      pdf-core (~> 0.9.0)
      ttfunk (~> 1.7)
    prawn-html (0.7.0)
      oga (~> 3.3)
      prawn (~> 2.4)
    rake (13.0.6)
    rspec (3.11.0)
      rspec-core (~> 3.11.0)
      rspec-expectations (~> 3.11.0)
      rspec-mocks (~> 3.11.0)
    rspec-core (3.11.0)
      rspec-support (~> 3.11.0)
    rspec-expectations (3.11.0)
      diff-lcs (>= 1.2.0, < 2.0)
      rspec-support (~> 3.11.0)
    rspec-mocks (3.11.1)
      diff-lcs (>= 1.2.0, < 2.0)
      rspec-support (~> 3.11.0)
    rspec-support (3.11.0)
    ruby-ll (2.1.2)
      ansi
      ast
    ttfunk (1.7.0)

PLATFORMS
  x86_64-linux

DEPENDENCIES
  fake-file!
  rake (~> 13.0)
  rspec (~> 3.0)

BUNDLED WITH
   2.3.8
